PATH
  remote: .
  specs:
    skippy (0.1.0)

GEM
  remote: https://rubygems.org/
  specs:
    minitest (5.14.2)
    rake (12.3.3)

PLATFORMS
  x64-mingw32

DEPENDENCIES
  minitest (~> 5.0)
  rake (~> 12.0)
  skippy!

BUNDLED WITH
   2.1.4
