PATH
  remote: .
  specs:
    will-skippy-get-home (1.0.0)

GEM
  remote: https://rubygems.org/
  specs:
    docile (1.3.2)
    minitest (5.14.2)
    rake (12.3.3)
    simplecov (0.19.0)
      docile (~> 1.1)
      simplecov-html (~> 0.11)
    simplecov-html (0.12.2)

PLATFORMS
  x64-mingw32

DEPENDENCIES
  minitest (~> 5.0)
  rake (~> 12.0)
  simplecov (~> 0.19.0)
  will-skippy-get-home!

BUNDLED WITH
   2.1.4
